PATH
  remote: .
  specs:
    milo (0.0.3)
      activesupport (>= 2.3)
      crack (>= 0.1.8)

GEM
  remote: https://rubygems.org/
  specs:
    activesupport (3.2.6)
      i18n (~> 0.6)
      multi_json (~> 1.0)
    crack (0.3.1)
    curb (0.6.7)
    i18n (0.6.0)
    multi_json (1.3.6)
    rack (1.4.1)
    rake (0.9.2.2)
    rspec (1.3.0)
    rspec-rails (1.3.2)
      rack (>= 1.0.0)
      rspec (>= 1.3.0)

PLATFORMS
  ruby

DEPENDENCIES
  curb (= 0.6.7)
  milo!
  rake
  rspec (= 1.3.0)
  rspec-rails (= 1.3.2)
